PATH
  remote: .
  specs:
    sneakers_packer (0.3.0)
      multi_json
      sneakers (~> 2.7.0)

GEM
  remote: https://rubygems.org/
  specs:
    amq-protocol (2.3.0)
    bunny (2.9.2)
      amq-protocol (~> 2.3.0)
    concurrent-ruby (1.0.5)
    metaclass (0.0.4)
    minitest (5.8.4)
    mocha (1.1.0)
      metaclass (~> 0.0.1)
    multi_json (1.13.1)
    rake (10.5.0)
    serverengine (2.0.7)
      sigdump (~> 0.2.2)
    sigdump (0.2.4)
    sneakers (2.7.0)
      bunny (~> 2.9.2)
      concurrent-ruby (~> 1.0)
      serverengine (~> 2.0.5)
      thor
    thor (0.20.0)

PLATFORMS
  ruby

DEPENDENCIES
  bundler (~> 1.11)
  minitest (~> 5.0)
  mocha
  rake (~> 10.0)
  sneakers_packer!

BUNDLED WITH
   1.16.2
